GEM
  remote: https://rubygems.org/
  specs:
    byebug (8.2.1)
    cloudflare (2.0.3)
      json (~> 1)
    coderay (1.1.0)
    json (1.8.3)
    method_source (0.8.2)
    pry (0.10.3)
      coderay (~> 1.1.0)
      method_source (~> 0.8.1)
      slop (~> 3.4)
    pry-byebug (3.3.0)
      byebug (~> 8.0)
      pry (~> 0.10)
    slop (3.6.0)

PLATFORMS
  ruby

DEPENDENCIES
  cloudflare
  pry-byebug

BUNDLED WITH
   1.10.6
